PATH
  remote: ./environment_attributes_stanza
  specs:
    environment_attributes_stanza (0.0.1)
      togostanza

PATH
  remote: ./environment_environmental_ontology_stanza
  specs:
    environment_environmental_ontology_stanza (0.0.1)
      togostanza

PATH
  remote: ./environment_geographical_map_stanza
  specs:
    environment_geographical_map_stanza (0.0.1)
      togostanza

PATH
  remote: ./environment_inhabitants_stanza
  specs:
    environment_inhabitants_stanza (0.0.1)
      togostanza

PATH
  remote: ./environment_inhabitants_statistics_stanza
  specs:
    environment_inhabitants_statistics_stanza (0.0.1)
      togostanza

PATH
  remote: ./environment_taxonomic_composition_stanza
  specs:
    environment_taxonomic_composition_stanza (0.0.1)
      togostanza

PATH
  remote: ./gene_attributes_stanza
  specs:
    gene_attributes_stanza (0.0.1)
      togostanza

PATH
  remote: ./geneset_entry_stanza
  specs:
    geneset_entry_stanza (0.0.1)
      togostanza

PATH
  remote: ./geneset_stanza
  specs:
    geneset_stanza (0.0.1)
      togostanza

PATH
  remote: ./genome_cross_references_stanza
  specs:
    genome_cross_references_stanza (0.0.1)
      togostanza

PATH
  remote: ./genome_genomic_context_stanza
  specs:
    genome_genomic_context_stanza (0.0.1)
      togostanza

PATH
  remote: ./genome_information_stanza
  specs:
    genome_information_stanza (0.0.1)
      togostanza

PATH
  remote: ./genome_plot_stanza
  specs:
    genome_plot_stanza (0.0.1)
      togostanza

PATH
  remote: ./lineage_information_stanza
  specs:
    lineage_information_stanza (0.0.1)
      togostanza

PATH
  remote: ./nucleotide_sequence_stanza
  specs:
    nucleotide_sequence_stanza (0.0.1)
      togostanza

PATH
  remote: ./organism_cross_references_stanza
  specs:
    organism_cross_references_stanza (0.0.1)
      togostanza

PATH
  remote: ./organism_culture_collections_stanza
  specs:
    organism_culture_collections_stanza (0.0.1)
      togostanza

PATH
  remote: ./organism_habitat_stanza
  specs:
    organism_habitat_stanza (0.0.1)
      togostanza

PATH
  remote: ./organism_medium_information_stanza
  specs:
    organism_medium_information_stanza (0.0.1)
      togostanza

PATH
  remote: ./organism_names_stanza
  specs:
    organism_names_stanza (0.0.1)
      togostanza

PATH
  remote: ./organism_pathogen_information_stanza
  specs:
    organism_pathogen_information_stanza (0.0.1)
      togostanza

PATH
  remote: ./organism_phenotype_stanza
  specs:
    organism_phenotype_stanza (0.0.1)
      togostanza

PATH
  remote: ./variation_stanza
  specs:
    variation_stanza (0.0.1)

GEM
  remote: https://rubygems.org/
  specs:
    activesupport (4.0.0)
      i18n (~> 0.6, >= 0.6.4)
      minitest (~> 4.2)
      multi_json (~> 1.3)
      thread_safe (~> 0.1)
      tzinfo (~> 0.3.37)
    addressable (2.3.5)
    atomic (1.1.14)
    backports (3.3.5)
    bio-svgenes (0.3.3)
    ffi (1.9.0)
    flavour_saver (0.3.1)
      rltk (~> 2.2.0)
      tilt
    haml (4.0.3)
      tilt
    hashie (2.0.5)
    i18n (0.6.5)
    json_pure (1.8.1)
    kgio (2.8.0)
    minitest (4.7.5)
    multi_json (1.8.2)
    net-http-persistent (2.9)
    parallel (0.9.0)
    rack (1.5.2)
    rack-protection (1.5.1)
      rack
    rack-test (0.6.2)
      rack (>= 1.0)
    raindrops (0.12.0)
    rdf (1.0.9)
      addressable (>= 2.3)
    redcarpet (3.0.0)
    rltk (2.2.1)
      ffi (>= 1.0.0)
    sinatra (1.4.4)
      rack (~> 1.4)
      rack-protection (~> 1.4)
      tilt (~> 1.3, >= 1.3.4)
    sinatra-contrib (1.4.1)
      backports (>= 2.0)
      multi_json
      rack-protection
      rack-test
      sinatra (~> 1.4.0)
      tilt (~> 1.3)
    sparql-client (1.0.4.1)
      json_pure (>= 1.4)
      net-http-persistent (>= 1.4)
      rdf (>= 1.0)
    thor (0.18.1)
    thread_safe (0.1.3)
      atomic
    tilt (1.4.1)
    togostanza (0.0.1)
      activesupport
      flavour_saver
      haml
      hashie
      parallel
      redcarpet
      sinatra
      sinatra-contrib
      sparql-client
      thor
    tzinfo (0.3.38)
    unicorn (4.6.3)
      kgio (~> 2.6)
      rack
      raindrops (~> 0.7)

PLATFORMS
  ruby

DEPENDENCIES
  bio-svgenes (>= 0.3.3)
  environment_attributes_stanza!
  environment_environmental_ontology_stanza!
  environment_geographical_map_stanza!
  environment_inhabitants_stanza!
  environment_inhabitants_statistics_stanza!
  environment_taxonomic_composition_stanza!
  gene_attributes_stanza!
  geneset_entry_stanza!
  geneset_stanza!
  genome_cross_references_stanza!
  genome_genomic_context_stanza!
  genome_information_stanza!
  genome_plot_stanza!
  lineage_information_stanza!
  nucleotide_sequence_stanza!
  organism_cross_references_stanza!
  organism_culture_collections_stanza!
  organism_habitat_stanza!
  organism_medium_information_stanza!
  organism_names_stanza!
  organism_pathogen_information_stanza!
  organism_phenotype_stanza!
  togostanza
  unicorn
  variation_stanza!
