PATH
  remote: ./variation_stanza
  specs:
    variation_stanza (0.0.1)

GEM
  remote: https://rubygems.org/
  specs:
    activesupport (4.0.0)
      i18n (~> 0.6, >= 0.6.4)
      minitest (~> 4.2)
      multi_json (~> 1.3)
      thread_safe (~> 0.1)
      tzinfo (~> 0.3.37)
    addressable (2.3.5)
    atomic (1.1.14)
    backports (3.3.5)
    bio-svgenes (0.3.3)
    ffi (1.9.0)
    flavour_saver (0.3.1)
      rltk (~> 2.2.0)
      tilt
    haml (4.0.3)
      tilt
    hashie (2.0.5)
    i18n (0.6.5)
    json_pure (1.8.1)
    kgio (2.8.0)
    minitest (4.7.5)
    multi_json (1.8.2)
    net-http-persistent (2.9)
    parallel (0.9.0)
    rack (1.5.2)
    rack-protection (1.5.1)
      rack
    rack-test (0.6.2)
      rack (>= 1.0)
    raindrops (0.12.0)
    rdf (1.0.9)
      addressable (>= 2.3)
    redcarpet (3.0.0)
    rltk (2.2.1)
      ffi (>= 1.0.0)
    sinatra (1.4.4)
      rack (~> 1.4)
      rack-protection (~> 1.4)
      tilt (~> 1.3, >= 1.3.4)
    sinatra-contrib (1.4.1)
      backports (>= 2.0)
      multi_json
      rack-protection
      rack-test
      sinatra (~> 1.4.0)
      tilt (~> 1.3)
    sparql-client (1.0.4.1)
      json_pure (>= 1.4)
      net-http-persistent (>= 1.4)
      rdf (>= 1.0)
    thor (0.18.1)
    thread_safe (0.1.3)
      atomic
    tilt (1.4.1)
    togostanza (0.0.1)
      activesupport
      flavour_saver
      haml
      hashie
      parallel
      redcarpet
      sinatra
      sinatra-contrib
      sparql-client
      thor
    tzinfo (0.3.38)
    unicorn (4.6.3)
      kgio (~> 2.6)
      rack
      raindrops (~> 0.7)

PLATFORMS
  ruby

DEPENDENCIES
  bio-svgenes (>= 0.3.3)
  togostanza
  unicorn
  variation_stanza!
